NUGET
  remote: https://api.nuget.org/v3/index.json
    Castle.Core (4.1.1) - restriction: || (== net45) (== netstandard1.3)
      NETStandard.Library (>= 1.6.1) - restriction: == netstandard1.3
      System.Collections.Specialized (>= 4.3) - restriction: == netstandard1.3
      System.ComponentModel (>= 4.3) - restriction: == netstandard1.3
      System.ComponentModel.TypeConverter (>= 4.3) - restriction: == netstandard1.3
      System.Diagnostics.TraceSource (>= 4.3) - restriction: == netstandard1.3
      System.Dynamic.Runtime (>= 4.3) - restriction: == netstandard1.3
      System.Reflection (>= 4.3) - restriction: == netstandard1.3
      System.Reflection.Emit (>= 4.3) - restriction: == netstandard1.3
      System.Reflection.TypeExtensions (>= 4.3) - restriction: == netstandard1.3
      System.Xml.XmlDocument (>= 4.3) - restriction: == netstandard1.3
    Microsoft.NETCore.Platforms (2.0) - restriction: || (== netstandard1.3) (== netstandard1.6)
    Microsoft.NETCore.Targets (2.0) - restriction: == netstandard1.3
    Microsoft.Win32.Primitives (4.3) - restriction: == netstandard1.3
      Microsoft.NETCore.Platforms (>= 1.1) - restriction: == netstandard1.3
      Microsoft.NETCore.Targets (>= 1.1) - restriction: == netstandard1.3
      System.Runtime (>= 4.3) - restriction: == netstandard1.3
    Moq (4.7.99)
      Castle.Core (>= 4.1.1) - restriction: == net45
      Castle.Core (>= 4.1.1) - restriction: == netstandard1.3
      NETStandard.Library (>= 1.6.1) - restriction: == netstandard1.3
      System.Linq.Queryable (>= 4.3) - restriction: == netstandard1.3
      System.Reflection.TypeExtensions (>= 4.3) - restriction: == netstandard1.3
    MouseKeyHook (5.4) - restriction: >= net451
    NETStandard.Library (2.0) - restriction: || (== netstandard1.3) (== netstandard1.6)
      Microsoft.NETCore.Platforms (>= 1.1) - restriction: >= portable-net45+win8+wp8+wpa81
      Microsoft.NETCore.Platforms (>= 1.1) - restriction: >= portable-net45+win8+wpa81
      Microsoft.NETCore.Platforms (>= 1.1) - restriction: >= portable-net451+win81+wpa81
      Microsoft.NETCore.Platforms (>= 1.1) - restriction: == netstandard1.3
      Microsoft.Win32.Primitives (>= 4.3) - restriction: == netstandard1.3
      System.AppContext (>= 4.3) - restriction: == netstandard1.3
      System.Collections (>= 4.3) - restriction: == netstandard1.3
      System.Collections.Concurrent (>= 4.3) - restriction: == netstandard1.3
      System.Console (>= 4.3) - restriction: == netstandard1.3
      System.Diagnostics.Debug (>= 4.3) - restriction: == netstandard1.3
      System.Diagnostics.Tools (>= 4.3) - restriction: == netstandard1.3
      System.Diagnostics.Tracing (>= 4.3) - restriction: == netstandard1.3
      System.Globalization (>= 4.3) - restriction: == netstandard1.3
      System.Globalization.Calendars (>= 4.3) - restriction: == netstandard1.3
      System.IO (>= 4.3) - restriction: == netstandard1.3
      System.IO.Compression (>= 4.3) - restriction: == netstandard1.3
      System.IO.Compression.ZipFile (>= 4.3) - restriction: == netstandard1.3
      System.IO.FileSystem (>= 4.3) - restriction: == netstandard1.3
      System.IO.FileSystem.Primitives (>= 4.3) - restriction: == netstandard1.3
      System.Linq (>= 4.3) - restriction: == netstandard1.3
      System.Linq.Expressions (>= 4.3) - restriction: == netstandard1.3
      System.Net.Http (>= 4.3.2) - restriction: == netstandard1.3
      System.Net.Primitives (>= 4.3) - restriction: == netstandard1.3
      System.Net.Sockets (>= 4.3) - restriction: == netstandard1.3
      System.ObjectModel (>= 4.3) - restriction: == netstandard1.3
      System.Reflection (>= 4.3) - restriction: == netstandard1.3
      System.Reflection.Extensions (>= 4.3) - restriction: == netstandard1.3
      System.Reflection.Primitives (>= 4.3) - restriction: == netstandard1.3
      System.Resources.ResourceManager (>= 4.3) - restriction: == netstandard1.3
      System.Runtime (>= 4.3) - restriction: == netstandard1.3
      System.Runtime.Extensions (>= 4.3) - restriction: == netstandard1.3
      System.Runtime.Handles (>= 4.3) - restriction: == netstandard1.3
      System.Runtime.InteropServices (>= 4.3) - restriction: == netstandard1.3
      System.Runtime.InteropServices.RuntimeInformation (>= 4.3) - restriction: >= portable-net45+win8+wpa81
      System.Runtime.InteropServices.RuntimeInformation (>= 4.3) - restriction: >= portable-net451+win81+wpa81
      System.Runtime.InteropServices.RuntimeInformation (>= 4.3) - restriction: == netstandard1.3
      System.Runtime.Numerics (>= 4.3) - restriction: == netstandard1.3
      System.Security.Cryptography.Algorithms (>= 4.3) - restriction: == netstandard1.3
      System.Security.Cryptography.Encoding (>= 4.3) - restriction: == netstandard1.3
      System.Security.Cryptography.Primitives (>= 4.3) - restriction: == netstandard1.3
      System.Security.Cryptography.X509Certificates (>= 4.3) - restriction: == netstandard1.3
      System.Text.Encoding (>= 4.3) - restriction: == netstandard1.3
      System.Text.Encoding.Extensions (>= 4.3) - restriction: == netstandard1.3
      System.Text.RegularExpressions (>= 4.3) - restriction: == netstandard1.3
      System.Threading (>= 4.3) - restriction: == netstandard1.3
      System.Threading.Tasks (>= 4.3) - restriction: == netstandard1.3
      System.Threading.Timer (>= 4.3) - restriction: == netstandard1.3
      System.Xml.ReaderWriter (>= 4.3) - restriction: == netstandard1.3
      System.Xml.XDocument (>= 4.3) - restriction: == netstandard1.3
    NUnit (3.7.1)
      NETStandard.Library (>= 1.6) - restriction: == netstandard1.3
      NETStandard.Library (>= 1.6) - restriction: == netstandard1.6
      System.Runtime.Loader (>= 4.3) - restriction: == netstandard1.6
      System.Threading.Thread (>= 4.3) - restriction: == netstandard1.3
      System.Threading.Thread (>= 4.3) - restriction: == netstandard1.6
    runtime.debian.8-x64.runtime.native.System.Security.Cryptography.OpenSsl (4.3.1) - restriction: == netstandard1.3
    runtime.fedora.23-x64.runtime.native.System.Security.Cryptography.OpenSsl (4.3.1) - restriction: == netstandard1.3
    runtime.fedora.24-x64.runtime.native.System.Security.Cryptography.OpenSsl (4.3.1) - restriction: == netstandard1.3
    runtime.native.System (4.3) - restriction: == netstandard1.3
      Microsoft.NETCore.Platforms (>= 1.1)
      Microsoft.NETCore.Targets (>= 1.1)
    runtime.native.System.IO.Compression (4.3) - restriction: == netstandard1.3
      Microsoft.NETCore.Platforms (>= 1.1)
      Microsoft.NETCore.Targets (>= 1.1)
    runtime.native.System.Security.Cryptography.OpenSsl (4.3.1) - restriction: == netstandard1.3
      runtime.debian.8-x64.runtime.native.System.Security.Cryptography.OpenSsl (>= 4.3.1)
      runtime.fedora.23-x64.runtime.native.System.Security.Cryptography.OpenSsl (>= 4.3.1)
      runtime.fedora.24-x64.runtime.native.System.Security.Cryptography.OpenSsl (>= 4.3.1)
      runtime.opensuse.13.2-x64.runtime.native.System.Security.Cryptography.OpenSsl (>= 4.3.1)
      runtime.opensuse.42.1-x64.runtime.native.System.Security.Cryptography.OpenSsl (>= 4.3.1)
      runtime.osx.10.10-x64.runtime.native.System.Security.Cryptography.OpenSsl (>= 4.3.1)
      runtime.rhel.7-x64.runtime.native.System.Security.Cryptography.OpenSsl (>= 4.3.1)
      runtime.ubuntu.14.04-x64.runtime.native.System.Security.Cryptography.OpenSsl (>= 4.3.1)
      runtime.ubuntu.16.04-x64.runtime.native.System.Security.Cryptography.OpenSsl (>= 4.3.1)
      runtime.ubuntu.16.10-x64.runtime.native.System.Security.Cryptography.OpenSsl (>= 4.3.1)
    runtime.opensuse.13.2-x64.runtime.native.System.Security.Cryptography.OpenSsl (4.3.1) - restriction: == netstandard1.3
    runtime.opensuse.42.1-x64.runtime.native.System.Security.Cryptography.OpenSsl (4.3.1) - restriction: == netstandard1.3
    runtime.osx.10.10-x64.runtime.native.System.Security.Cryptography.OpenSsl (4.3.1) - restriction: == netstandard1.3
    runtime.rhel.7-x64.runtime.native.System.Security.Cryptography.OpenSsl (4.3.1) - restriction: == netstandard1.3
    runtime.ubuntu.14.04-x64.runtime.native.System.Security.Cryptography.OpenSsl (4.3.1) - restriction: == netstandard1.3
    runtime.ubuntu.16.04-x64.runtime.native.System.Security.Cryptography.OpenSsl (4.3.1) - restriction: == netstandard1.3
    runtime.ubuntu.16.10-x64.runtime.native.System.Security.Cryptography.OpenSsl (4.3.1) - restriction: == netstandard1.3
    System.AppContext (4.3) - restriction: == netstandard1.3
      System.Runtime (>= 4.3) - restriction: == netstandard1.3
    System.Buffers (4.4) - restriction: == netstandard1.3
    System.Collections (4.3) - restriction: == netstandard1.3
      Microsoft.NETCore.Platforms (>= 1.1) - restriction: == netstandard1.3
      Microsoft.NETCore.Targets (>= 1.1) - restriction: == netstandard1.3
      System.Runtime (>= 4.3) - restriction: == netstandard1.3
    System.Collections.Concurrent (4.3) - restriction: == netstandard1.3
      System.Collections (>= 4.3) - restriction: == netstandard1.3
      System.Diagnostics.Debug (>= 4.3) - restriction: == netstandard1.3
      System.Diagnostics.Tracing (>= 4.3) - restriction: == netstandard1.3
      System.Globalization (>= 4.3) - restriction: == netstandard1.3
      System.Reflection (>= 4.3) - restriction: == netstandard1.3
      System.Resources.ResourceManager (>= 4.3) - restriction: == netstandard1.3
      System.Runtime (>= 4.3) - restriction: == netstandard1.3
      System.Runtime.Extensions (>= 4.3) - restriction: == netstandard1.3
      System.Threading (>= 4.3) - restriction: == netstandard1.3
      System.Threading.Tasks (>= 4.3) - restriction: == netstandard1.3
    System.Collections.NonGeneric (4.3) - restriction: == netstandard1.3
      System.Diagnostics.Debug (>= 4.3) - restriction: == netstandard1.3
      System.Globalization (>= 4.3) - restriction: == netstandard1.3
      System.Resources.ResourceManager (>= 4.3) - restriction: == netstandard1.3
      System.Runtime (>= 4.3) - restriction: == netstandard1.3
      System.Runtime.Extensions (>= 4.3) - restriction: == netstandard1.3
      System.Threading (>= 4.3) - restriction: == netstandard1.3
    System.Collections.Specialized (4.3) - restriction: == netstandard1.3
      System.Collections.NonGeneric (>= 4.3) - restriction: == netstandard1.3
      System.Globalization (>= 4.3) - restriction: == netstandard1.3
      System.Globalization.Extensions (>= 4.3) - restriction: == netstandard1.3
      System.Resources.ResourceManager (>= 4.3) - restriction: == netstandard1.3
      System.Runtime (>= 4.3) - restriction: == netstandard1.3
      System.Runtime.Extensions (>= 4.3) - restriction: == netstandard1.3
      System.Threading (>= 4.3) - restriction: == netstandard1.3
    System.ComponentModel (4.3) - restriction: == netstandard1.3
      System.Runtime (>= 4.3) - restriction: == netstandard1.3
    System.ComponentModel.TypeConverter (4.3) - restriction: == netstandard1.3
    System.Console (4.3) - restriction: == netstandard1.3
      Microsoft.NETCore.Platforms (>= 1.1) - restriction: == netstandard1.3
      Microsoft.NETCore.Targets (>= 1.1) - restriction: == netstandard1.3
      System.IO (>= 4.3) - restriction: == netstandard1.3
      System.Runtime (>= 4.3) - restriction: == netstandard1.3
      System.Text.Encoding (>= 4.3) - restriction: == netstandard1.3
    System.Diagnostics.Debug (4.3) - restriction: == netstandard1.3
      Microsoft.NETCore.Platforms (>= 1.1) - restriction: == netstandard1.3
      Microsoft.NETCore.Targets (>= 1.1) - restriction: == netstandard1.3
      System.Runtime (>= 4.3) - restriction: == netstandard1.3
    System.Diagnostics.DiagnosticSource (4.4.1) - restriction: == netstandard1.3
      System.Collections (>= 4.3) - restriction: == netstandard1.3
      System.Diagnostics.Debug (>= 4.3) - restriction: == netstandard1.3
      System.Diagnostics.Tracing (>= 4.3) - restriction: == netstandard1.3
      System.Reflection (>= 4.3) - restriction: == netstandard1.3
      System.Runtime (>= 4.3) - restriction: == netstandard1.3
      System.Runtime.Extensions (>= 4.3) - restriction: == netstandard1.3
      System.Threading (>= 4.3) - restriction: == netstandard1.3
    System.Diagnostics.Tools (4.3) - restriction: == netstandard1.3
    System.Diagnostics.TraceSource (4.3) - restriction: == netstandard1.3
      Microsoft.NETCore.Platforms (>= 1.1) - restriction: == netstandard1.3
      runtime.native.System (>= 4.3) - restriction: == netstandard1.3
      System.Collections (>= 4.3) - restriction: == netstandard1.3
      System.Diagnostics.Debug (>= 4.3) - restriction: == netstandard1.3
      System.Globalization (>= 4.3) - restriction: == netstandard1.3
      System.Resources.ResourceManager (>= 4.3) - restriction: == netstandard1.3
      System.Runtime (>= 4.3) - restriction: == netstandard1.3
      System.Runtime.Extensions (>= 4.3) - restriction: == netstandard1.3
      System.Threading (>= 4.3) - restriction: == netstandard1.3
    System.Diagnostics.Tracing (4.3) - restriction: == netstandard1.3
      Microsoft.NETCore.Platforms (>= 1.1) - restriction: == netstandard1.3
      Microsoft.NETCore.Targets (>= 1.1) - restriction: == netstandard1.3
      System.Runtime (>= 4.3) - restriction: == netstandard1.3
    System.Dynamic.Runtime (4.3) - restriction: == netstandard1.3
      System.Collections (>= 4.3) - restriction: == netstandard1.3
      System.Diagnostics.Debug (>= 4.3) - restriction: == netstandard1.3
      System.Linq (>= 4.3) - restriction: == netstandard1.3
      System.Linq.Expressions (>= 4.3) - restriction: == netstandard1.3
      System.ObjectModel (>= 4.3) - restriction: == netstandard1.3
      System.Reflection (>= 4.3) - restriction: == netstandard1.3
      System.Reflection.Emit (>= 4.3) - restriction: == netstandard1.3
      System.Reflection.Emit.ILGeneration (>= 4.3) - restriction: == netstandard1.3
      System.Reflection.Primitives (>= 4.3) - restriction: == netstandard1.3
      System.Reflection.TypeExtensions (>= 4.3) - restriction: == netstandard1.3
      System.Resources.ResourceManager (>= 4.3) - restriction: == netstandard1.3
      System.Runtime (>= 4.3) - restriction: == netstandard1.3
      System.Runtime.Extensions (>= 4.3) - restriction: == netstandard1.3
      System.Threading (>= 4.3) - restriction: == netstandard1.3
    System.Globalization (4.3) - restriction: == netstandard1.3
      Microsoft.NETCore.Platforms (>= 1.1) - restriction: == netstandard1.3
      Microsoft.NETCore.Targets (>= 1.1) - restriction: == netstandard1.3
      System.Runtime (>= 4.3) - restriction: == netstandard1.3
    System.Globalization.Calendars (4.3) - restriction: == netstandard1.3
      Microsoft.NETCore.Platforms (>= 1.1) - restriction: == netstandard1.3
      Microsoft.NETCore.Targets (>= 1.1) - restriction: == netstandard1.3
      System.Globalization (>= 4.3) - restriction: == netstandard1.3
      System.Runtime (>= 4.3) - restriction: == netstandard1.3
    System.Globalization.Extensions (4.3) - restriction: == netstandard1.3
      Microsoft.NETCore.Platforms (>= 1.1) - restriction: == netstandard1.3
      System.Globalization (>= 4.3) - restriction: == netstandard1.3
      System.Resources.ResourceManager (>= 4.3) - restriction: == netstandard1.3
      System.Runtime (>= 4.3) - restriction: == netstandard1.3
      System.Runtime.Extensions (>= 4.3) - restriction: == netstandard1.3
      System.Runtime.InteropServices (>= 4.3) - restriction: == netstandard1.3
    System.IO (4.3) - restriction: == netstandard1.3
      Microsoft.NETCore.Platforms (>= 1.1) - restriction: == netstandard1.3
      Microsoft.NETCore.Targets (>= 1.1) - restriction: == netstandard1.3
      System.Runtime (>= 4.3) - restriction: == netstandard1.3
      System.Text.Encoding (>= 4.3) - restriction: == netstandard1.3
      System.Threading.Tasks (>= 4.3) - restriction: == netstandard1.3
    System.IO.Compression (4.3) - restriction: == netstandard1.3
      Microsoft.NETCore.Platforms (>= 1.1) - restriction: == netstandard1.3
      runtime.native.System (>= 4.3) - restriction: == netstandard1.3
      runtime.native.System.IO.Compression (>= 4.3) - restriction: == netstandard1.3
      System.Buffers (>= 4.3) - restriction: == netstandard1.3
      System.Collections (>= 4.3) - restriction: == netstandard1.3
      System.Diagnostics.Debug (>= 4.3) - restriction: == netstandard1.3
      System.IO (>= 4.3) - restriction: == netstandard1.3
      System.Resources.ResourceManager (>= 4.3) - restriction: == netstandard1.3
      System.Runtime (>= 4.3) - restriction: == netstandard1.3
      System.Runtime.Extensions (>= 4.3) - restriction: == netstandard1.3
      System.Runtime.Handles (>= 4.3) - restriction: == netstandard1.3
      System.Runtime.InteropServices (>= 4.3) - restriction: == netstandard1.3
      System.Text.Encoding (>= 4.3) - restriction: == netstandard1.3
      System.Threading (>= 4.3) - restriction: == netstandard1.3
      System.Threading.Tasks (>= 4.3) - restriction: == netstandard1.3
    System.IO.Compression.ZipFile (4.3) - restriction: == netstandard1.3
      System.Buffers (>= 4.3) - restriction: == netstandard1.3
      System.IO (>= 4.3) - restriction: == netstandard1.3
      System.IO.Compression (>= 4.3) - restriction: == netstandard1.3
      System.IO.FileSystem (>= 4.3) - restriction: == netstandard1.3
      System.IO.FileSystem.Primitives (>= 4.3) - restriction: == netstandard1.3
      System.Resources.ResourceManager (>= 4.3) - restriction: == netstandard1.3
      System.Runtime (>= 4.3) - restriction: == netstandard1.3
      System.Runtime.Extensions (>= 4.3) - restriction: == netstandard1.3
      System.Text.Encoding (>= 4.3) - restriction: == netstandard1.3
    System.IO.FileSystem (4.3) - restriction: == netstandard1.3
      Microsoft.NETCore.Platforms (>= 1.1) - restriction: == netstandard1.3
      Microsoft.NETCore.Targets (>= 1.1) - restriction: == netstandard1.3
      System.IO (>= 4.3) - restriction: == netstandard1.3
      System.IO.FileSystem.Primitives (>= 4.3) - restriction: == netstandard1.3
      System.Runtime (>= 4.3) - restriction: == netstandard1.3
      System.Runtime.Handles (>= 4.3) - restriction: == netstandard1.3
      System.Text.Encoding (>= 4.3) - restriction: == netstandard1.3
      System.Threading.Tasks (>= 4.3) - restriction: == netstandard1.3
    System.IO.FileSystem.Primitives (4.3) - restriction: == netstandard1.3
      System.Runtime (>= 4.3) - restriction: == netstandard1.3
    System.Linq (4.3) - restriction: == netstandard1.3
    System.Linq.Expressions (4.3) - restriction: == netstandard1.3
      System.Reflection (>= 4.3) - restriction: == netstandard1.3
      System.Runtime (>= 4.3) - restriction: == netstandard1.3
    System.Linq.Queryable (4.3) - restriction: == netstandard1.3
      System.Collections (>= 4.3) - restriction: == netstandard1.3
      System.Diagnostics.Debug (>= 4.3) - restriction: == netstandard1.3
      System.Linq (>= 4.3) - restriction: == netstandard1.3
      System.Linq.Expressions (>= 4.3) - restriction: == netstandard1.3
      System.Reflection (>= 4.3) - restriction: == netstandard1.3
      System.Reflection.Extensions (>= 4.3) - restriction: == netstandard1.3
      System.Resources.ResourceManager (>= 4.3) - restriction: == netstandard1.3
      System.Runtime (>= 4.3) - restriction: == netstandard1.3
    System.Net.Http (4.3.2) - restriction: == netstandard1.3
      Microsoft.NETCore.Platforms (>= 1.1) - restriction: == netstandard1.3
      Microsoft.Win32.Primitives (>= 4.3) - restriction: == netstandard1.3
      System.Collections (>= 4.3) - restriction: == netstandard1.3
      System.Diagnostics.Debug (>= 4.3) - restriction: == netstandard1.3
      System.Diagnostics.DiagnosticSource (>= 4.3) - restriction: == netstandard1.3
      System.Diagnostics.Tracing (>= 4.3) - restriction: == netstandard1.3
      System.Globalization (>= 4.3) - restriction: == netstandard1.3
      System.IO (>= 4.3) - restriction: == netstandard1.3
      System.IO.Compression (>= 4.3) - restriction: == netstandard1.3
      System.Net.Primitives (>= 4.3) - restriction: == netstandard1.3
      System.Resources.ResourceManager (>= 4.3) - restriction: == netstandard1.3
      System.Runtime (>= 4.3) - restriction: == netstandard1.3
      System.Runtime.Extensions (>= 4.3) - restriction: == netstandard1.3
      System.Runtime.Handles (>= 4.3) - restriction: == netstandard1.3
      System.Runtime.InteropServices (>= 4.3) - restriction: == netstandard1.3
      System.Security.Cryptography.Encoding (>= 4.3) - restriction: == netstandard1.3
      System.Security.Cryptography.X509Certificates (>= 4.3) - restriction: == netstandard1.3
      System.Text.Encoding (>= 4.3) - restriction: == netstandard1.3
      System.Threading (>= 4.3) - restriction: == netstandard1.3
      System.Threading.Tasks (>= 4.3) - restriction: == netstandard1.3
    System.Net.Primitives (4.3) - restriction: == netstandard1.3
      Microsoft.NETCore.Platforms (>= 1.1) - restriction: == netstandard1.3
      Microsoft.NETCore.Targets (>= 1.1) - restriction: == netstandard1.3
      System.Runtime (>= 4.3) - restriction: == netstandard1.3
      System.Runtime.Handles (>= 4.3) - restriction: == netstandard1.3
    System.Net.Sockets (4.3) - restriction: == netstandard1.3
      Microsoft.NETCore.Platforms (>= 1.1) - restriction: == netstandard1.3
      Microsoft.NETCore.Targets (>= 1.1) - restriction: == netstandard1.3
      System.IO (>= 4.3) - restriction: == netstandard1.3
      System.Net.Primitives (>= 4.3) - restriction: == netstandard1.3
      System.Runtime (>= 4.3) - restriction: == netstandard1.3
      System.Threading.Tasks (>= 4.3) - restriction: == netstandard1.3
    System.ObjectModel (4.3) - restriction: == netstandard1.3
      System.Collections (>= 4.3) - restriction: == netstandard1.3
      System.Diagnostics.Debug (>= 4.3) - restriction: == netstandard1.3
      System.Resources.ResourceManager (>= 4.3) - restriction: == netstandard1.3
      System.Runtime (>= 4.3) - restriction: == netstandard1.3
      System.Threading (>= 4.3) - restriction: == netstandard1.3
    System.Reflection (4.3) - restriction: == netstandard1.3
      Microsoft.NETCore.Platforms (>= 1.1) - restriction: == netstandard1.3
      Microsoft.NETCore.Targets (>= 1.1) - restriction: == netstandard1.3
      System.IO (>= 4.3) - restriction: == netstandard1.3
      System.Reflection.Primitives (>= 4.3) - restriction: == netstandard1.3
      System.Runtime (>= 4.3) - restriction: == netstandard1.3
    System.Reflection.Emit (4.3) - restriction: == netstandard1.3
    System.Reflection.Emit.ILGeneration (4.3) - restriction: == netstandard1.3
    System.Reflection.Extensions (4.3) - restriction: == netstandard1.3
    System.Reflection.Primitives (4.3) - restriction: == netstandard1.3
    System.Reflection.TypeExtensions (4.4) - restriction: == netstandard1.3
      System.Reflection (>= 4.3) - restriction: == netstandard1.3
      System.Resources.ResourceManager (>= 4.3) - restriction: == netstandard1.3
      System.Runtime (>= 4.3) - restriction: == netstandard1.3
    System.Resources.ResourceManager (4.3) - restriction: == netstandard1.3
    System.Runtime (4.3) - restriction: == netstandard1.3
      Microsoft.NETCore.Platforms (>= 1.1) - restriction: == netstandard1.3
      Microsoft.NETCore.Targets (>= 1.1) - restriction: == netstandard1.3
    System.Runtime.Extensions (4.3) - restriction: == netstandard1.3
      Microsoft.NETCore.Platforms (>= 1.1) - restriction: == netstandard1.3
      Microsoft.NETCore.Targets (>= 1.1) - restriction: == netstandard1.3
      System.Runtime (>= 4.3) - restriction: == netstandard1.3
    System.Runtime.Handles (4.3) - restriction: == netstandard1.3
      Microsoft.NETCore.Platforms (>= 1.1) - restriction: == netstandard1.3
      Microsoft.NETCore.Targets (>= 1.1) - restriction: == netstandard1.3
      System.Runtime (>= 4.3) - restriction: == netstandard1.3
    System.Runtime.InteropServices (4.3) - restriction: == netstandard1.3
      Microsoft.NETCore.Platforms (>= 1.1) - restriction: == netstandard1.3
      Microsoft.NETCore.Targets (>= 1.1) - restriction: == netstandard1.3
      System.Reflection (>= 4.3) - restriction: == netstandard1.3
      System.Reflection.Primitives (>= 4.3) - restriction: == netstandard1.3
      System.Runtime (>= 4.3) - restriction: == netstandard1.3
      System.Runtime.Handles (>= 4.3) - restriction: == netstandard1.3
    System.Runtime.InteropServices.RuntimeInformation (4.3) - restriction: || (== netstandard1.3) (== netstandard1.6)
    System.Runtime.Loader (4.3) - restriction: == netstandard1.6
    System.Runtime.Numerics (4.3) - restriction: == netstandard1.3
      System.Globalization (>= 4.3) - restriction: == netstandard1.3
      System.Resources.ResourceManager (>= 4.3) - restriction: == netstandard1.3
      System.Runtime (>= 4.3) - restriction: == netstandard1.3
      System.Runtime.Extensions (>= 4.3) - restriction: == netstandard1.3
    System.Security.Cryptography.Algorithms (4.3) - restriction: == netstandard1.3
      System.IO (>= 4.3) - restriction: == netstandard1.3
      System.Runtime (>= 4.3) - restriction: == netstandard1.3
      System.Security.Cryptography.Primitives (>= 4.3) - restriction: == netstandard1.3
    System.Security.Cryptography.Encoding (4.3) - restriction: == netstandard1.3
      Microsoft.NETCore.Platforms (>= 1.1) - restriction: == netstandard1.3
      runtime.native.System.Security.Cryptography.OpenSsl (>= 4.3) - restriction: == netstandard1.3
      System.Collections (>= 4.3) - restriction: == netstandard1.3
      System.Collections.Concurrent (>= 4.3) - restriction: == netstandard1.3
      System.Linq (>= 4.3) - restriction: == netstandard1.3
      System.Resources.ResourceManager (>= 4.3) - restriction: == netstandard1.3
      System.Runtime (>= 4.3) - restriction: == netstandard1.3
      System.Runtime.Extensions (>= 4.3) - restriction: == netstandard1.3
      System.Runtime.Handles (>= 4.3) - restriction: == netstandard1.3
      System.Runtime.InteropServices (>= 4.3) - restriction: == netstandard1.3
      System.Security.Cryptography.Primitives (>= 4.3) - restriction: == netstandard1.3
      System.Text.Encoding (>= 4.3) - restriction: == netstandard1.3
    System.Security.Cryptography.Primitives (4.3) - restriction: == netstandard1.3
      System.Diagnostics.Debug (>= 4.3) - restriction: == netstandard1.3
      System.Globalization (>= 4.3) - restriction: == netstandard1.3
      System.IO (>= 4.3) - restriction: == netstandard1.3
      System.Resources.ResourceManager (>= 4.3) - restriction: == netstandard1.3
      System.Runtime (>= 4.3) - restriction: == netstandard1.3
      System.Threading (>= 4.3) - restriction: == netstandard1.3
      System.Threading.Tasks (>= 4.3) - restriction: == netstandard1.3
    System.Security.Cryptography.X509Certificates (4.3) - restriction: == netstandard1.3
      System.Runtime (>= 4.3) - restriction: == netstandard1.3
      System.Runtime.Handles (>= 4.3) - restriction: == netstandard1.3
      System.Security.Cryptography.Algorithms (>= 4.3) - restriction: == netstandard1.3
      System.Security.Cryptography.Encoding (>= 4.3) - restriction: == netstandard1.3
    System.Text.Encoding (4.3) - restriction: == netstandard1.3
      Microsoft.NETCore.Platforms (>= 1.1) - restriction: == netstandard1.3
      Microsoft.NETCore.Targets (>= 1.1) - restriction: == netstandard1.3
      System.Runtime (>= 4.3) - restriction: == netstandard1.3
    System.Text.Encoding.Extensions (4.3) - restriction: == netstandard1.3
      Microsoft.NETCore.Platforms (>= 1.1) - restriction: == netstandard1.3
      Microsoft.NETCore.Targets (>= 1.1) - restriction: == netstandard1.3
      System.Runtime (>= 4.3) - restriction: == netstandard1.3
      System.Text.Encoding (>= 4.3) - restriction: == netstandard1.3
    System.Text.RegularExpressions (4.3) - restriction: == netstandard1.3
      System.Runtime (>= 4.3) - restriction: == netstandard1.3
    System.Threading (4.3) - restriction: == netstandard1.3
      System.Runtime (>= 4.3) - restriction: == netstandard1.3
      System.Threading.Tasks (>= 4.3) - restriction: == netstandard1.3
    System.Threading.Tasks (4.3) - restriction: == netstandard1.3
      Microsoft.NETCore.Platforms (>= 1.1) - restriction: == netstandard1.3
      Microsoft.NETCore.Targets (>= 1.1) - restriction: == netstandard1.3
      System.Runtime (>= 4.3) - restriction: == netstandard1.3
    System.Threading.Tasks.Extensions (4.4) - restriction: == netstandard1.3
    System.Threading.Thread (4.3) - restriction: || (== netstandard1.3) (== netstandard1.6)
      System.Runtime (>= 4.3) - restriction: == netstandard1.3
    System.Threading.Timer (4.3) - restriction: == netstandard1.3
    System.Xml.ReaderWriter (4.3) - restriction: == netstandard1.3
      System.Collections (>= 4.3) - restriction: == netstandard1.3
      System.Diagnostics.Debug (>= 4.3) - restriction: == netstandard1.3
      System.Globalization (>= 4.3) - restriction: == netstandard1.3
      System.IO (>= 4.3) - restriction: == netstandard1.3
      System.IO.FileSystem (>= 4.3) - restriction: == netstandard1.3
      System.IO.FileSystem.Primitives (>= 4.3) - restriction: == netstandard1.3
      System.Resources.ResourceManager (>= 4.3) - restriction: == netstandard1.3
      System.Runtime (>= 4.3) - restriction: == netstandard1.3
      System.Runtime.Extensions (>= 4.3) - restriction: == netstandard1.3
      System.Runtime.InteropServices (>= 4.3) - restriction: == netstandard1.3
      System.Text.Encoding (>= 4.3) - restriction: == netstandard1.3
      System.Text.Encoding.Extensions (>= 4.3) - restriction: == netstandard1.3
      System.Text.RegularExpressions (>= 4.3) - restriction: == netstandard1.3
      System.Threading.Tasks (>= 4.3) - restriction: == netstandard1.3
      System.Threading.Tasks.Extensions (>= 4.3) - restriction: == netstandard1.3
    System.Xml.XDocument (4.3) - restriction: == netstandard1.3
      System.Collections (>= 4.3) - restriction: == netstandard1.3
      System.Diagnostics.Debug (>= 4.3) - restriction: == netstandard1.3
      System.Diagnostics.Tools (>= 4.3) - restriction: == netstandard1.3
      System.Globalization (>= 4.3) - restriction: == netstandard1.3
      System.IO (>= 4.3) - restriction: == netstandard1.3
      System.Reflection (>= 4.3) - restriction: == netstandard1.3
      System.Resources.ResourceManager (>= 4.3) - restriction: == netstandard1.3
      System.Runtime (>= 4.3) - restriction: == netstandard1.3
      System.Runtime.Extensions (>= 4.3) - restriction: == netstandard1.3
      System.Text.Encoding (>= 4.3) - restriction: == netstandard1.3
      System.Threading (>= 4.3) - restriction: == netstandard1.3
      System.Xml.ReaderWriter (>= 4.3) - restriction: == netstandard1.3
    System.Xml.XmlDocument (4.3) - restriction: == netstandard1.3
      System.Collections (>= 4.3) - restriction: == netstandard1.3
      System.Diagnostics.Debug (>= 4.3) - restriction: == netstandard1.3
      System.Globalization (>= 4.3) - restriction: == netstandard1.3
      System.IO (>= 4.3) - restriction: == netstandard1.3
      System.Resources.ResourceManager (>= 4.3) - restriction: == netstandard1.3
      System.Runtime (>= 4.3) - restriction: == netstandard1.3
      System.Runtime.Extensions (>= 4.3) - restriction: == netstandard1.3
      System.Text.Encoding (>= 4.3) - restriction: == netstandard1.3
      System.Threading (>= 4.3) - restriction: == netstandard1.3
      System.Xml.ReaderWriter (>= 4.3) - restriction: == netstandard1.3
